PATH
  remote: .
  specs:
    twitch_plays (1.0.0)
      cinch (~> 2.1)
      ffi (~> 1.9)

GEM
  remote: https://rubygems.org/
  specs:
    cinch (2.1.0)
    ffi (1.9.3)

PLATFORMS
  ruby

DEPENDENCIES
  twitch_plays!
